PATH
  remote: .
  specs:
    tdl-client-ruby (0.0.0)
      logging (= 2.0.0)
      stomp (= 1.3.4)

GEM
  remote: https://rubygems.org/
  specs:
    ansi (1.5.0)
    builder (3.2.2)
    jmx4r (0.1.4)
    little-plugger (1.1.3)
    logging (2.0.0)
      little-plugger (~> 1.1)
      multi_json (~> 1.10)
    minitest (5.4.1)
    minitest-reporters (1.0.19)
      ansi
      builder
      minitest (>= 5.0)
      ruby-progressbar
    multi_json (1.11.2)
    rake (10.4.2)
    ruby-progressbar (1.7.5)
    stomp (1.3.4)

PLATFORMS
  java
  ruby

DEPENDENCIES
  bundler (~> 1.10)
  jmx4r (~> 0.1.4)
  minitest (= 5.4.1)
  minitest-reporters (~> 1.0.19)
  rake (~> 10.0)
  tdl-client-ruby!

BUNDLED WITH
   1.10.5
