PATH
  remote: .
  specs:
    tdl-client-ruby (0.0.0)
      logging (= 2.0.0)
      stomp (= 1.3.4)

GEM
  remote: https://rubygems.org/
  specs:
    ansi (1.5.0)
    builder (3.2.2)
    coveralls (0.8.2)
      json (~> 1.8)
      rest-client (>= 1.6.8, < 2)
      simplecov (~> 0.10.0)
      term-ansicolor (~> 1.3)
      thor (~> 0.19.1)
    docile (1.1.5)
    domain_name (0.5.24)
      unf (>= 0.0.5, < 1.0.0)
    http-cookie (1.0.2)
      domain_name (~> 0.5)
    jmx4r (0.1.4)
    json (1.8.0)
    json (1.8.0-java)
    little-plugger (1.1.3)
    logging (2.0.0)
      little-plugger (~> 1.1)
      multi_json (~> 1.10)
    mime-types (2.6.1)
    minitest (5.4.1)
    minitest-reporters (1.0.19)
      ansi
      builder
      minitest (>= 5.0)
      ruby-progressbar
    multi_json (1.11.2)
    netrc (0.10.3)
    rake (10.4.2)
    rest-client (1.8.0)
      http-cookie (>= 1.0.2, < 2.0)
      mime-types (>= 1.16, < 3.0)
      netrc (~> 0.7)
    ruby-progressbar (1.7.5)
    simplecov (0.10.0)
      docile (~> 1.1.0)
      json (~> 1.8)
      simplecov-html (~> 0.10.0)
    simplecov-html (0.10.0)
    stomp (1.3.4)
    term-ansicolor (1.3.2)
      tins (~> 1.0)
    thor (0.19.1)
    tins (1.5.4)
    unf (0.1.4)
      unf_ext
    unf (0.1.4-java)
    unf_ext (0.0.7.1)

PLATFORMS
  java
  ruby

DEPENDENCIES
  bundler (~> 1.10)
  coveralls (~> 0.8.2)
  jmx4r (~> 0.1.4)
  minitest (= 5.4.1)
  minitest-reporters (~> 1.0.19)
  rake (~> 10.0)
  simplecov (~> 0.10.0)
  tdl-client-ruby!

BUNDLED WITH
   1.10.5
